PATH
  remote: .
  specs:
    lotus-mongodb (0.0.1)
      bson_ext
      mongo (~> 1.10.2)

GEM
  remote: https://rubygems.org/
  specs:
    bson (1.10.2)
    bson_ext (1.10.2)
      bson (~> 1.10.2)
    lotus-model (0.1.2)
      lotus-utils (~> 0.2)
      sequel (~> 4.9)
    lotus-utils (0.2.0)
    mongo (1.10.2)
      bson (= 1.10.2)
    rake (10.3.2)
    sequel (4.12.0)

PLATFORMS
  ruby

DEPENDENCIES
  bundler (~> 1.6)
  lotus-model
  lotus-mongodb!
  rake
